GEM
  remote: https://rubygems.org/
  specs:
    actionmailer (4.0.0.rc1)
      actionpack (= 4.0.0.rc1)
      mail (~> 2.5.3)
    actionpack (4.0.0.rc1)
      activesupport (= 4.0.0.rc1)
      builder (~> 3.1.0)
      erubis (~> 2.7.0)
      rack (~> 1.5.2)
      rack-test (~> 0.6.2)
    activemodel (4.0.0.rc1)
      activesupport (= 4.0.0.rc1)
      builder (~> 3.1.0)
    activerecord (4.0.0.rc1)
      activemodel (= 4.0.0.rc1)
      activerecord-deprecated_finders (~> 1.0.2)
      activesupport (= 4.0.0.rc1)
      arel (~> 4.0.0)
    activerecord-deprecated_finders (1.0.2)
    activeresource (4.0.0.beta1)
      activemodel (>= 4.0.0.beta1)
      activesupport (>= 4.0.0.beta1)
      rails-observers (~> 0.1.1)
    activesupport (4.0.0.rc1)
      i18n (~> 0.6, >= 0.6.4)
      minitest (~> 4.2)
      multi_json (~> 1.3)
      thread_safe (~> 0.1)
      tzinfo (~> 0.3.37)
    addressable (2.3.4)
    annotate (2.5.0)
      rake
    arel (4.0.0)
    atomic (1.1.9)
    better_errors (0.9.0)
      coderay (>= 1.0.0)
      erubis (>= 2.6.6)
    binding_of_caller (0.7.1)
      debug_inspector (>= 0.0.1)
    bourbon (3.1.6)
      sass (>= 3.2.0)
      thor
    builder (3.1.4)
    callsite (0.0.11)
    capybara (2.1.0)
      mime-types (>= 1.16)
      nokogiri (>= 1.3.3)
      rack (>= 1.0.0)
      rack-test (>= 0.5.4)
      xpath (~> 2.0)
    capybara-webkit (1.0.0)
      capybara (~> 2.0, >= 2.0.2)
      json
    coderay (1.0.9)
    coffee-rails (4.0.0)
      coffee-script (>= 2.2.0)
      railties (>= 4.0.0.beta, < 5.0)
    coffee-script (2.2.0)
      coffee-script-source
      execjs
    coffee-script-source (1.6.2)
    daemons (1.1.9)
    debug_inspector (0.0.2)
    diff-lcs (1.2.4)
    erubis (2.7.0)
    ethon (0.5.12)
      ffi (>= 1.3.0)
      mime-types (~> 1.18)
    eventmachine (1.0.3)
    execjs (1.4.0)
      multi_json (~> 1.0)
    factory_girl (4.2.0)
      activesupport (>= 3.0.0)
    factory_girl_rails (4.2.1)
      factory_girl (~> 4.2.0)
      railties (>= 3.0.0)
    faker (1.1.2)
      i18n (~> 0.5)
    ffi (1.8.1)
    hike (1.2.2)
    htmlentities (4.3.1)
    i18n (0.6.4)
    jquery-rails (2.2.1)
      railties (>= 3.0, < 5.0)
      thor (>= 0.14, < 2.0)
    json (1.8.0)
    launchy (2.3.0)
      addressable (~> 2.3)
    mail (2.5.4)
      mime-types (~> 1.16)
      treetop (~> 1.4.8)
    meta_request (0.2.6)
      callsite
      rack-contrib
      railties
    method_source (0.8.1)
    mime-types (1.23)
    minitest (4.7.4)
    multi_json (1.7.4)
    neat (1.3.0)
      bourbon (>= 2.1)
      sass (>= 3.2)
    newrelic_rpm (3.6.2.96)
    nokogiri (1.5.9)
    pg (0.15.1)
    polyglot (0.3.3)
    protected_attributes (1.0.1)
      activemodel (>= 4.0.0.beta, < 5.0)
    pry (0.9.12.2)
      coderay (~> 1.0.5)
      method_source (~> 0.8)
      slop (~> 3.4)
    pry-nav (0.2.3)
      pry (~> 0.9.10)
    pry-rails (0.3.0)
      pry (>= 0.9.10)
    pry-remote (0.1.7)
      pry (~> 0.9)
      slop (~> 3.0)
    rack (1.5.2)
    rack-contrib (1.1.0)
      rack (>= 0.9.1)
    rack-superfeedr (0.1.0)
      nokogiri
      nokogiri
      rack
      rack
      typhoeus
      typhoeus
    rack-test (0.6.2)
      rack (>= 1.0)
    rails (4.0.0.rc1)
      actionmailer (= 4.0.0.rc1)
      actionpack (= 4.0.0.rc1)
      activerecord (= 4.0.0.rc1)
      activesupport (= 4.0.0.rc1)
      bundler (>= 1.3.0, < 2.0)
      railties (= 4.0.0.rc1)
      sprockets-rails (~> 2.0.0.rc4)
    rails-observers (0.1.1)
      railties (~> 4.0.0.beta)
    railties (4.0.0.rc1)
      actionpack (= 4.0.0.rc1)
      activesupport (= 4.0.0.rc1)
      rake (>= 0.8.7)
      thor (>= 0.18.1, < 2.0)
    rake (10.0.4)
    rb-fsevent (0.9.3)
    rb-inotify (0.8.8)
      ffi (>= 0.5.0)
    rspec-core (2.14.0.rc1)
    rspec-expectations (2.14.0.rc1)
      diff-lcs (>= 1.1.3, < 2.0)
    rspec-mocks (2.14.0.rc1)
    rspec-rails (2.14.0.rc1)
      actionpack (>= 3.0)
      activesupport (>= 3.0)
      railties (>= 3.0)
      rspec-core (= 2.14.0.rc1)
      rspec-expectations (= 2.14.0.rc1)
      rspec-mocks (= 2.14.0.rc1)
    sass (3.2.9)
    sass-rails (4.0.0.rc1)
      railties (>= 4.0.0.beta, < 5.0)
      sass (>= 3.1.10)
      sprockets-rails (~> 2.0.0.rc0)
      tilt (~> 1.3)
    simplecov (0.7.1)
      multi_json (~> 1.0)
      simplecov-html (~> 0.7.1)
    simplecov-html (0.7.1)
    slop (3.4.5)
    sprockets (2.10.0)
      hike (~> 1.2)
      multi_json (~> 1.0)
      rack (~> 1.0)
      tilt (~> 1.1, != 1.3.0)
    sprockets-rails (2.0.0.rc4)
      actionpack (>= 3.0)
      activesupport (>= 3.0)
      sprockets (~> 2.8)
    sqlite3 (1.3.7)
    terminal-notifier-guard (1.5.3)
    thin (1.5.1)
      daemons (>= 1.0.9)
      eventmachine (>= 0.12.6)
      rack (>= 1.0.0)
    thor (0.18.1)
    thread_safe (0.1.0)
      atomic
    tilt (1.4.1)
    treetop (1.4.12)
      polyglot
      polyglot (>= 0.3.1)
    typhoeus (0.6.3)
      ethon (~> 0.5.11)
    tzinfo (0.3.37)
    uglifier (2.1.1)
      execjs (>= 0.3.0)
      multi_json (~> 1.0, >= 1.0.2)
    xpath (2.0.0)
      nokogiri (~> 1.3)

PLATFORMS
  ruby

DEPENDENCIES
  activeresource (~> 4.0.0.beta1)
  annotate (>= 2.5.0)
  better_errors
  binding_of_caller
  capybara
  capybara-webkit
  coffee-rails (~> 4.0.0.rc1)
  factory_girl_rails
  faker
  htmlentities
  jquery-rails
  launchy
  meta_request
  neat
  newrelic_rpm
  pg
  protected_attributes
  pry
  pry-nav
  pry-rails
  pry-remote
  rack-superfeedr
  rails (~> 4.0.0.rc1)
  rb-fsevent
  rb-inotify (~> 0.8.8)
  rspec-rails (~> 2.14.0.rc1)
  sass-rails (~> 4.0.0.rc1)
  simplecov
  sqlite3
  terminal-notifier-guard
  thin
  uglifier (>= 1.3.0)
